GEM
  remote: http://ruby.taobao.org/
  specs:
    backports (3.3.4)
    haml (4.0.3)
      tilt
    multi_json (1.8.0)
    rack (1.5.2)
    rack-protection (1.5.0)
      rack
    rack-test (0.6.2)
      rack (>= 1.0)
    rdiscount (2.1.6)
    sass (3.2.11)
    sinatra (1.4.3)
      rack (~> 1.4)
      rack-protection (~> 1.4)
      tilt (~> 1.3, >= 1.3.4)
    sinatra-contrib (1.4.1)
      backports (>= 2.0)
      multi_json
      rack-protection
      rack-test
      sinatra (~> 1.4.0)
      tilt (~> 1.3)
    sinatra-reloader (1.0)
      sinatra-contrib
    tilt (1.4.1)

PLATFORMS
  ruby

DEPENDENCIES
  haml
  rdiscount
  sass
  sinatra
  sinatra-contrib
  sinatra-reloader
